PATH
  remote: .
  specs:
    superbot-runner (0.1.0)
      superbot-runner-side

GEM
  remote: https://rubygems.org/
  specs:
    addressable (2.5.2)
      public_suffix (>= 2.0.2, < 4.0)
    archive-zip (0.11.0)
      io-like (~> 0.3.0)
    childprocess (0.9.0)
      ffi (~> 1.0, >= 1.0.11)
    chromedriver-helper (2.1.0)
      archive-zip (~> 0.10)
      nokogiri (~> 1.8)
    clamp (1.2.1)
    diff-lcs (1.3)
    excon (0.62.0)
    ffi (1.9.25)
    io-like (0.3.0)
    kommando (0.1.2)
    launchy (2.4.3)
      addressable (~> 2.3)
    marcel (0.3.3)
      mimemagic (~> 0.3.2)
    mimemagic (0.3.2)
    mini_portile2 (2.4.0)
    multipart-post (2.0.0)
    mustermann (1.0.3)
    nokogiri (1.9.1)
      mini_portile2 (~> 2.4.0)
    public_suffix (3.0.3)
    rack (2.0.6)
    rack-protection (2.0.4)
      rack
    rake (10.5.0)
    rspec (3.8.0)
      rspec-core (~> 3.8.0)
      rspec-expectations (~> 3.8.0)
      rspec-mocks (~> 3.8.0)
    rspec-core (3.8.0)
      rspec-support (~> 3.8.0)
    rspec-expectations (3.8.2)
      diff-lcs (>= 1.2.0, < 2.0)
      rspec-support (~> 3.8.0)
    rspec-mocks (3.8.0)
      diff-lcs (>= 1.2.0, < 2.0)
      rspec-support (~> 3.8.0)
    rspec-support (3.8.0)
    rubyzip (1.2.2)
    selenium-webdriver (3.141.0)
      childprocess (~> 0.5)
      rubyzip (~> 1.2, >= 1.2.2)
    sinatra (2.0.4)
      mustermann (~> 1.0)
      rack (~> 2.0)
      rack-protection (= 2.0.4)
      tilt (~> 2.0)
    sinatra-silent (0.0.1)
    superbot (0.2.0)
      clamp (= 1.2.1)
      kommando (~> 0.1)
      launchy (= 2.4.3)
      sinatra (= 2.0.4)
      sinatra-silent (= 0.0.1)
      superbot-cloud (~> 0.1.22)
      superbot-runner
      superbot-selenium-webdriver (~> 1.0.5)
      superbot-teleport (~> 0.2.3)
      zaru (= 0.2.0)
    superbot-cloud (0.1.22)
      marcel (= 0.3.3)
      multipart-post (= 2.0.0)
    superbot-runner-side (0.1.0)
    superbot-selenium-webdriver (1.0.5)
      chromedriver-helper (= 2.1.0)
      selenium-webdriver (= 3.141.0)
    superbot-teleport (0.2.3)
      excon
    tilt (2.0.9)
    zaru (0.2.0)

PLATFORMS
  ruby

DEPENDENCIES
  bundler (~> 1.17)
  rake (~> 10.0)
  rspec (~> 3.0)
  superbot (~> 0.2.0)
  superbot-runner!

BUNDLED WITH
   1.17.1
